GEM
  remote: https://rubygems.org/
  specs:
    addressable (2.4.0)
    buftok (0.2.0)
    domain_name (0.5.20160128)
      unf (>= 0.0.5, < 1.0.0)
    equalizer (0.0.10)
    faraday (0.9.2)
      multipart-post (>= 1.2, < 3)
    http (1.0.2)
      addressable (~> 2.3)
      http-cookie (~> 1.0)
      http-form_data (~> 1.0.1)
      http_parser.rb (~> 0.6.0)
    http-cookie (1.0.2)
      domain_name (~> 0.5)
    http-form_data (1.0.1)
    http_parser.rb (0.6.0)
    httparty (0.13.7)
      json (~> 1.8)
      multi_xml (>= 0.5.2)
    json (1.8.3)
    memoizable (0.4.2)
      thread_safe (~> 0.3, >= 0.3.1)
    multi_xml (0.5.5)
    multipart-post (2.0.0)
    naught (1.1.0)
    puma (2.16.0)
    rack (1.6.4)
    rack-canonical-host (0.1.0)
      addressable
      rack (~> 1.0)
    rack-protection (1.5.3)
      rack
    rake (10.5.0)
    redis (3.2.2)
    simple_oauth (0.3.1)
    sinatra (1.4.7)
      rack (~> 1.5)
      rack-protection (~> 1.4)
      tilt (>= 1.3, < 3)
    thread_safe (0.3.5)
    tilt (2.0.2)
    twitter (5.16.0)
      addressable (~> 2.3)
      buftok (~> 0.2.0)
      equalizer (= 0.0.10)
      faraday (~> 0.9.0)
      http (~> 1.0)
      http_parser.rb (~> 0.6.0)
      json (~> 1.8)
      memoizable (~> 0.4.0)
      naught (~> 1.0)
      simple_oauth (~> 0.3.0)
    unf (0.1.4)
      unf_ext
    unf_ext (0.0.7.2)

PLATFORMS
  ruby

DEPENDENCIES
  httparty
  puma
  rack-canonical-host
  rake
  redis
  sinatra
  twitter

BUNDLED WITH
   1.11.2
